GIT
  remote: git://github.com/nitsujw/geocoder.git
  revision: 93426f5f7d50e9b09f8ee9f28ef57e5a94e02317
  specs:
    geocoder (1.0.1)

GEM
  remote: http://rubygems.org/
  specs:
    actionmailer (3.1.1.rc1)
      actionpack (= 3.1.1.rc1)
      mail (~> 2.3.0)
    actionpack (3.1.1.rc1)
      activemodel (= 3.1.1.rc1)
      activesupport (= 3.1.1.rc1)
      builder (~> 3.0.0)
      erubis (~> 2.7.0)
      i18n (~> 0.6)
      rack (~> 1.3.2)
      rack-cache (~> 1.0.3)
      rack-mount (~> 0.8.2)
      rack-test (~> 0.6.1)
      sprockets (~> 2.0.0)
    activemodel (3.1.1.rc1)
      activesupport (= 3.1.1.rc1)
      builder (~> 3.0.0)
      i18n (~> 0.6)
    activerecord (3.1.1.rc1)
      activemodel (= 3.1.1.rc1)
      activesupport (= 3.1.1.rc1)
      arel (~> 2.2.1)
      tzinfo (~> 0.3.29)
    activeresource (3.1.1.rc1)
      activemodel (= 3.1.1.rc1)
      activesupport (= 3.1.1.rc1)
    activesupport (3.1.1.rc1)
      multi_json (~> 1.0)
    addressable (2.2.6)
    arel (2.2.1)
    bcrypt-ruby (3.0.1)
    builder (3.0.0)
    coffee-rails (3.1.1)
      coffee-script (>= 2.2.0)
      railties (~> 3.1.0)
    coffee-script (2.2.0)
      coffee-script-source
      execjs
    coffee-script-source (1.1.2)
    data_objects (0.10.6)
      addressable (~> 2.1)
    dm-active_model (1.2.0.rc2)
      activemodel (~> 3.1.0)
      dm-core (~> 1.2.0.rc2)
    dm-aggregates (1.2.0.rc2)
      dm-core (~> 1.2.0.rc2)
    dm-ar-finders (1.2.0.rc2)
      dm-core (~> 1.2.0.rc2)
    dm-chunked_query (0.3.0)
      dm-aggregates (~> 1.0)
      dm-core (~> 1.0)
    dm-core (1.2.0.rc2)
      addressable (~> 2.2.6)
    dm-do-adapter (1.2.0.rc2)
      data_objects (~> 0.10.6)
      dm-core (~> 1.2.0.rc2)
    dm-migrations (1.2.0.rc2)
      dm-core (~> 1.2.0.rc2)
    dm-mysql-adapter (1.2.0.rc2)
      dm-do-adapter (~> 1.2.0.rc2)
      do_mysql (~> 0.10.6)
    dm-observer (1.2.0.rc2)
      dm-core (~> 1.2.0.rc2)
    dm-rails (1.2.0.rc2)
      actionpack (~> 3.1.0)
      dm-active_model (~> 1.2.0.rc2)
      dm-core (~> 1.2.0.rc2)
      railties (~> 3.1.0)
    dm-serializer (1.2.0.rc2)
      dm-core (~> 1.2.0.rc2)
      fastercsv (~> 1.5.4)
      json (~> 1.5.4)
      json_pure (~> 1.5.4)
      multi_json (~> 1.0.3)
    dm-timestamps (1.2.0.rc2)
      dm-core (~> 1.2.0.rc2)
    dm-transactions (1.2.0.rc2)
      dm-core (~> 1.2.0.rc2)
    dm-types (1.2.0.rc2)
      bcrypt-ruby (~> 3.0.0)
      dm-core (~> 1.2.0.rc2)
      fastercsv (~> 1.5.4)
      json (~> 1.5.4)
      multi_json (~> 1.0.3)
      stringex (~> 1.3.0)
      uuidtools (~> 2.1.2)
    dm-validations (1.2.0.rc2)
      dm-core (~> 1.2.0.rc2)
    dm-zone-types (0.3)
      activesupport (>= 3.0.0.beta3)
      dm-core
      tzinfo
    do_mysql (0.10.6)
      data_objects (= 0.10.6)
    ejs (1.0.0)
    erubis (2.7.0)
    execjs (1.2.9)
      multi_json (~> 1.0)
    fastercsv (1.5.4)
    hashie (1.1.0)
    hike (1.2.1)
    httparty (0.8.0)
      multi_json
      multi_xml
    i18n (0.6.0)
    jquery-rails (1.0.14)
      railties (~> 3.0)
      thor (~> 0.14)
    json (1.5.4)
    json_pure (1.5.4)
      spruz (~> 0.2.8)
    mail (2.3.0)
      i18n (>= 0.4.0)
      mime-types (~> 1.16)
      treetop (~> 1.4.8)
    mime-types (1.16)
    multi_json (1.0.3)
    multi_xml (0.4.1)
    polyglot (0.3.2)
    rack (1.3.3)
    rack-cache (1.0.3)
      rack (>= 0.4)
    rack-mount (0.8.3)
      rack (>= 1.0.0)
    rack-ssl (1.3.2)
      rack
    rack-test (0.6.1)
      rack (>= 1.0)
    rails (3.1.1.rc1)
      actionmailer (= 3.1.1.rc1)
      actionpack (= 3.1.1.rc1)
      activerecord (= 3.1.1.rc1)
      activeresource (= 3.1.1.rc1)
      activesupport (= 3.1.1.rc1)
      bundler (~> 1.0)
      railties (= 3.1.1.rc1)
    rails-backbone (0.5.4)
      coffee-script (~> 2.2.0)
      ejs (~> 1.0.0)
      rails (~> 3.1.0)
    railties (3.1.1.rc1)
      actionpack (= 3.1.1.rc1)
      activesupport (= 3.1.1.rc1)
      rack-ssl (~> 1.3.2)
      rake (>= 0.8.7)
      rdoc (~> 3.4)
      thor (~> 0.14.6)
    rake (0.8.7)
    rdoc (3.9.4)
    sass (3.1.7)
    sass-rails (3.1.2)
      actionpack (~> 3.1.0)
      railties (~> 3.1.0)
      sass (>= 3.1.4)
      sprockets (~> 2.0.0)
      tilt (~> 1.3.2)
    sprockets (2.0.0)
      hike (~> 1.2)
      rack (~> 1.0)
      tilt (!= 1.3.0, ~> 1.1)
    spruz (0.2.13)
    stringex (1.3.0)
    thor (0.14.6)
    tilt (1.3.3)
    treetop (1.4.10)
      polyglot
      polyglot (>= 0.3.1)
    tzinfo (0.3.29)
    uglifier (1.0.3)
      execjs (>= 0.3.0)
      multi_json (>= 1.0.2)
    uuidtools (2.1.2)

PLATFORMS
  ruby

DEPENDENCIES
  actionmailer (~> 3.1.1.rc1)
  actionpack (~> 3.1.1.rc1)
  activesupport (~> 3.1.1.rc1)
  coffee-rails (~> 3.1.0)
  dm-aggregates (~> 1.2.0.rc1)
  dm-ar-finders (~> 1.2.0.rc1)
  dm-chunked_query
  dm-migrations (~> 1.2.0.rc1)
  dm-mysql-adapter (~> 1.2.0.rc1)
  dm-observer (~> 1.2.0.rc1)
  dm-rails (~> 1.2.0.rc1)
  dm-serializer (~> 1.2.0.rc1)
  dm-timestamps (~> 1.2.0.rc1)
  dm-transactions (~> 1.2.0.rc1)
  dm-types (~> 1.2.0.rc1)
  dm-validations (~> 1.2.0.rc1)
  dm-zone-types (= 0.3)
  geocoder!
  hashie (= 1.1.0)
  httparty (= 0.8.0)
  jquery-rails
  rails (~> 3.1.1.rc1)
  rails-backbone
  railties (~> 3.1.1.rc1)
  rake (= 0.8.7)
  sass-rails (~> 3.1.0)
  uglifier (>= 1.0.3)
